GEM
  remote: https://rubygems.org/
  specs:
    activemodel (3.2.6)
      activesupport (= 3.2.6)
      builder (~> 3.0.0)
    activerecord (3.2.6)
      activemodel (= 3.2.6)
      activesupport (= 3.2.6)
      arel (~> 3.0.2)
      tzinfo (~> 0.3.29)
    activesupport (3.2.6)
      i18n (~> 0.6)
      multi_json (~> 1.0)
    arel (3.0.2)
    builder (3.0.0)
    chunky_png (1.2.6)
    compass (0.11.7)
      chunky_png (~> 1.2)
      fssm (>= 0.2.7)
      sass (~> 3.1)
    fssm (0.2.9)
    grid-coordinates (1.1.9)
      compass (>= 0.11.5)
    haml (3.1.6)
    i18n (0.6.0)
    multi_json (1.3.6)
    mysql2 (0.3.10)
    rack (1.4.1)
    rack-protection (1.2.0)
      rack
    sass (3.1.20)
    shotgun (0.9)
      rack (>= 1.0)
    sinatra (1.3.2)
      rack (~> 1.3, >= 1.3.6)
      rack-protection (~> 1.2)
      tilt (~> 1.3, >= 1.3.3)
    tilt (1.3.3)
    tzinfo (0.3.33)

PLATFORMS
  ruby

DEPENDENCIES
  activerecord
  compass (~> 0.11.6)
  grid-coordinates (~> 1.1.4)
  haml (~> 3.1.4)
  mysql2
  sass (~> 3.1.12)
  shotgun (~> 0.9)
  sinatra
